GIT
  remote: https://github.com/lostisland/faraday.git
  revision: f1b2657523f9d95ba5594edce7f707a2545171f8
  branch: 1.0
  specs:
    faraday (0.15.3)
      multipart-post (>= 1.2, < 3)

PATH
  remote: .
  specs:
    nest_connect (0.1.0)
      faraday (~> 0.15)
      faraday_middleware (~> 0.12)
      thor (~> 0.20)

GEM
  remote: https://rubygems.org/
  specs:
    byebug (10.0.2)
    diff-lcs (1.3)
    faraday_middleware (0.12.2)
      faraday (>= 0.7.4, < 1.0)
    multipart-post (2.0.0)
    rake (10.5.0)
    rspec (3.8.0)
      rspec-core (~> 3.8.0)
      rspec-expectations (~> 3.8.0)
      rspec-mocks (~> 3.8.0)
    rspec-core (3.8.0)
      rspec-support (~> 3.8.0)
    rspec-expectations (3.8.2)
      diff-lcs (>= 1.2.0, < 2.0)
      rspec-support (~> 3.8.0)
    rspec-mocks (3.8.0)
      diff-lcs (>= 1.2.0, < 2.0)
      rspec-support (~> 3.8.0)
    rspec-support (3.8.0)
    thor (0.20.3)

PLATFORMS
  ruby

DEPENDENCIES
  bundler (~> 1.17)
  byebug
  faraday!
  nest_connect!
  rake (~> 10.0)
  rspec (~> 3.0)

BUNDLED WITH
   1.17.1
